GIT
  remote: https://github.com/igrigorik/em-http-request.git
  revision: 339e5e54c61a4e482ad8e82e137a51e2fecc568c
  specs:
    em-http-request (1.0.0.beta.4)
      addressable (>= 2.2.3)
      em-socksify
      eventmachine (>= 1.0.0.beta.3)
      http_parser.rb (>= 0.5.1)

GEM
  remote: http://rubygems.org/
  specs:
    addressable (2.2.6)
    em-socksify (0.1.0)
      eventmachine
    eventmachine (1.0.0.beta.3)
    http_parser.rb (0.5.1)
    yajl-ruby (0.8.3)

PLATFORMS
  ruby

DEPENDENCIES
  em-http-request!
  eventmachine
  yajl-ruby
