GIT
  remote: https://github.com/igrigorik/em-http-request.git
  revision: e08e74ad3d17b9aa3aa2640b72ad237c41de324a
  specs:
    em-http-request (1.0.0.beta.4)
      addressable (>= 2.2.3)
      em-socksify
      eventmachine (>= 1.0.0.beta.3)
      http_parser.rb (>= 0.5.1)

GIT
  remote: https://github.com/igrigorik/em-synchrony.git
  revision: 4224adb118eb5ce53c65feb70985976ca07671ae
  specs:
    em-synchrony (0.3.0.beta.1)
      eventmachine (>= 1.0.0.beta.1)

GIT
  remote: https://github.com/lmarburger/guard-minitest.git
  revision: b7909634b972e7aaf9c186d5eb517d38c94f6f53
  branch: add_load_path_option
  specs:
    guard-minitest (0.4.0)
      guard (~> 0.4)

GIT
  remote: https://github.com/myronmarston/vcr.git
  revision: 2054ceecc5b87c5165d7cc2d3d30e857a8509f6e
  specs:
    vcr (1.10.3)

GEM
  remote: http://rubygems.org/
  specs:
    ParseTree (3.0.7)
      RubyInline (>= 3.7.0)
      sexp_processor (>= 3.0.0)
    RubyInline (3.9.0)
      ZenTest (~> 4.3)
    ZenTest (4.6.1)
    addressable (2.2.6)
    crack (0.1.8)
    diff-lcs (1.1.2)
    em-socksify (0.1.0)
      eventmachine
    eventmachine (1.0.0.beta.3)
    file-tail (1.0.6)
      spruz (~> 0.2)
    growl_notify (0.0.1)
      rb-appscript
    guard (0.6.1)
      thor (~> 0.14.6)
    http_parser.rb (0.5.1)
    predicated (0.2.6)
    rack (1.3.2)
    rack-test (0.6.1)
      rack (>= 1.0)
    rb-appscript (0.6.1)
    rb-fsevent (0.4.3)
    ruby2ruby (1.2.5)
      ruby_parser (~> 2.0)
      sexp_processor (~> 3.0)
    ruby_parser (2.0.6)
      sexp_processor (~> 3.0)
    sexp_processor (3.0.5)
    sourcify (0.5.0)
      file-tail (>= 1.0.5)
      ruby2ruby (>= 1.2.5)
      ruby_parser (>= 2.0.5)
      sexp_processor (>= 3.0.5)
    spruz (0.2.12)
    thor (0.14.6)
    webmock (1.7.1)
      addressable (~> 2.2, > 2.2.5)
      crack (>= 0.1.7)
    wrong (0.5.4)
      ParseTree (~> 3.0)
      diff-lcs (~> 1.1.2)
      file-tail (~> 1.0)
      predicated (>= 0.2.3)
      ruby2ruby (~> 1.2)
      ruby_parser (~> 2.0.4)
      sexp_processor (~> 3.0)
      sourcify (>= 0.3.0)
    yajl-ruby (0.8.3)

PLATFORMS
  ruby

DEPENDENCIES
  em-http-request!
  em-synchrony!
  growl_notify
  guard
  guard-minitest!
  rack-test
  rb-fsevent
  vcr!
  webmock
  wrong
  yajl-ruby
