GIT
  remote: https://github.com/igrigorik/em-http-request.git
  revision: 339e5e54c61a4e482ad8e82e137a51e2fecc568c
  specs:
    em-http-request (1.0.0.beta.4)
      addressable (>= 2.2.3)
      em-socksify
      eventmachine (>= 1.0.0.beta.3)
      http_parser.rb (>= 0.5.1)

GIT
  remote: https://github.com/igrigorik/em-synchrony.git
  revision: 4224adb118eb5ce53c65feb70985976ca07671ae
  specs:
    em-synchrony (0.3.0.beta.1)
      eventmachine (>= 1.0.0.beta.1)

GIT
  remote: https://github.com/lmarburger/guard-minitest.git
  revision: b7909634b972e7aaf9c186d5eb517d38c94f6f53
  branch: add_load_path_option
  specs:
    guard-minitest (0.4.0)
      guard (~> 0.4)

GEM
  remote: http://rubygems.org/
  specs:
    ParseTree (3.0.7)
      RubyInline (>= 3.7.0)
      sexp_processor (>= 3.0.0)
    RubyInline (3.9.0)
      ZenTest (~> 4.3)
    ZenTest (4.6.1)
    addressable (2.2.6)
    async-rack (0.5.1)
      rack (~> 1.1)
    diff-lcs (1.1.2)
    em-socksify (0.1.0)
      eventmachine
    eventmachine (1.0.0.beta.3)
    file-tail (1.0.6)
      spruz (~> 0.2)
    goliath (0.9.2)
      async-rack
      em-synchrony (>= 0.3.0.beta.1)
      eventmachine (>= 1.0.0.beta.3)
      http_parser.rb
      http_router (~> 0.8.9)
      log4r
      multi_json
      rack (>= 1.2.2)
      rack-contrib
      rack-respond_to
    growl_notify (0.0.1)
      rb-appscript
    guard (0.6.2)
      thor (~> 0.14.6)
    http_parser.rb (0.5.1)
    http_router (0.8.11)
      rack (>= 1.0.0)
      url_mount (~> 0.2.1)
    log4r (1.1.9)
    multi_json (1.0.3)
    predicated (0.2.6)
    rack (1.3.2)
    rack-accept-media-types (0.9)
    rack-contrib (1.1.0)
      rack (>= 0.9.1)
    rack-respond_to (0.9.8)
      rack-accept-media-types (>= 0.6)
    rack-test (0.6.1)
      rack (>= 1.0)
    rake (0.8.7)
    rb-appscript (0.6.1)
    rb-fsevent (0.4.3)
    ruby2ruby (1.2.5)
      ruby_parser (~> 2.0)
      sexp_processor (~> 3.0)
    ruby_parser (2.0.6)
      sexp_processor (~> 3.0)
    sexp_processor (3.0.6)
    sourcify (0.5.0)
      file-tail (>= 1.0.5)
      ruby2ruby (>= 1.2.5)
      ruby_parser (>= 2.0.5)
      sexp_processor (>= 3.0.5)
    spruz (0.2.13)
    thor (0.14.6)
    tilt (1.3.2)
    url_mount (0.2.1)
      rack
    wrong (0.5.4)
      ParseTree (~> 3.0)
      diff-lcs (~> 1.1.2)
      file-tail (~> 1.0)
      predicated (>= 0.2.3)
      ruby2ruby (~> 1.2)
      ruby_parser (~> 2.0.4)
      sexp_processor (~> 3.0)
      sourcify (>= 0.3.0)
    yajl-ruby (0.8.3)

PLATFORMS
  ruby

DEPENDENCIES
  em-http-request!
  em-synchrony!
  goliath
  growl_notify
  guard
  guard-minitest!
  rack-test
  rake
  rb-fsevent
  tilt
  wrong
  yajl-ruby
